GIT
  remote: git://github.com/magiclabs/alchemy_cms.git
  revision: 2ddb06899d665bb48bf8c948023dc4377633fae2
  branch: 2.6-stable
  specs:
    alchemy_cms (2.6.2.1)
      acts-as-taggable-on (~> 2.1)
      acts_as_ferret (~> 0.5)
      acts_as_list (~> 0.2.0)
      awesome_nested_set (~> 2.0)
      coffee-rails (~> 3.2.1)
      compass-rails (~> 1.0.3)
      declarative_authorization (~> 0.5.7)
      devise (~> 2.2.3)
      devise-encryptable (~> 0.1.1)
      dragonfly (~> 0.9.14)
      dynamic_form (~> 1.1)
      jquery-rails (~> 2.2.1)
      jquery-ui-rails (~> 3.0.1)
      kaminari (~> 0.14.1)
      magiclabs-userstamp (~> 2.0.2)
      rails (~> 3.2.13)
      rails3-jquery-autocomplete (~> 1.0.10)
      sass-rails (~> 3.2.3)
      sassy-buttons (~> 0.1.3)
      tvdeyen-handles_sortable_columns (~> 0.1.5)

GEM
  remote: https://rubygems.org/
  specs:
    actionmailer (3.2.13)
      actionpack (= 3.2.13)
      mail (~> 2.5.3)
    actionpack (3.2.13)
      activemodel (= 3.2.13)
      activesupport (= 3.2.13)
      builder (~> 3.0.0)
      erubis (~> 2.7.0)
      journey (~> 1.0.4)
      rack (~> 1.4.5)
      rack-cache (~> 1.2)
      rack-test (~> 0.6.1)
      sprockets (~> 2.2.1)
    activemodel (3.2.13)
      activesupport (= 3.2.13)
      builder (~> 3.0.0)
    activerecord (3.2.13)
      activemodel (= 3.2.13)
      activesupport (= 3.2.13)
      arel (~> 3.0.2)
      tzinfo (~> 0.3.29)
    activeresource (3.2.13)
      activemodel (= 3.2.13)
      activesupport (= 3.2.13)
    activesupport (3.2.13)
      i18n (= 0.6.1)
      multi_json (~> 1.0)
    acts-as-taggable-on (2.4.1)
      rails (>= 3, < 5)
    acts_as_ferret (0.5.4)
      ferret (>= 0.11.8)
      rails (>= 3.0)
    acts_as_list (0.2.0)
      activerecord (>= 3.0)
    arel (3.0.2)
    awesome_nested_set (2.1.6)
      activerecord (>= 3.0.0)
    bcrypt-ruby (3.1.1)
    builder (3.0.4)
    capistrano (2.14.2)
      highline
      net-scp (>= 1.0.0)
      net-sftp (>= 2.0.0)
      net-ssh (>= 2.0.14)
      net-ssh-gateway (>= 1.1.0)
    capistrano-maintenance (0.0.2)
      capistrano (>= 2.0.0)
    chunky_png (1.2.8)
    coffee-rails (3.2.2)
      coffee-script (>= 2.2.0)
      railties (~> 3.2.0)
    coffee-script (2.2.0)
      coffee-script-source
      execjs
    coffee-script-source (1.6.3)
    columnize (0.3.6)
    compass (0.12.2)
      chunky_png (~> 1.2)
      fssm (>= 0.2.7)
      sass (~> 3.1)
    compass-rails (1.0.3)
      compass (>= 0.12.2, < 0.14)
    daemons (1.1.9)
    debugger (1.2.0)
      columnize (>= 0.3.1)
      debugger-linecache (~> 1.1.1)
      debugger-ruby_core_source (~> 1.1.3)
    debugger-linecache (1.1.2)
      debugger-ruby_core_source (>= 1.1.1)
    debugger-ruby_core_source (1.1.3)
    declarative_authorization (0.5.7)
    devise (2.2.4)
      bcrypt-ruby (~> 3.0)
      orm_adapter (~> 0.1)
      railties (~> 3.1)
      warden (~> 1.2.1)
    devise-encryptable (0.1.2)
      devise (>= 2.1.0)
    dragonfly (0.9.15)
      multi_json (~> 1.0)
      rack
    dynamic_form (1.1.4)
    erubis (2.7.0)
    eventmachine (1.0.0)
    execjs (1.4.0)
      multi_json (~> 1.0)
    ferret (0.11.8.5)
    fssm (0.2.10)
    highline (1.6.15)
    hike (1.2.3)
    i18n (0.6.1)
    journey (1.0.4)
    jquery-rails (2.2.2)
      railties (>= 3.0, < 5.0)
      thor (>= 0.14, < 2.0)
    jquery-ui-rails (3.0.1)
      jquery-rails
      railties (>= 3.1.0)
    json (1.8.0)
    kaminari (0.14.1)
      actionpack (>= 3.0.0)
      activesupport (>= 3.0.0)
    libv8 (3.16.14.3)
    magiclabs-userstamp (2.0.2)
    mail (2.5.4)
      mime-types (~> 1.16)
      treetop (~> 1.4.8)
    mime-types (1.23)
    modular-scale (1.0.2)
      compass (>= 0.11.5)
      sassy-math (>= 1.2)
    multi_json (1.7.7)
    mysql2 (0.3.11)
    net-scp (1.1.0)
      net-ssh (>= 2.6.5)
    net-sftp (2.1.1)
      net-ssh (>= 2.6.5)
    net-ssh (2.6.5)
    net-ssh-gateway (1.2.0)
      net-ssh (>= 2.6.5)
    newrelic_rpm (3.7.3.199)
    orm_adapter (0.4.0)
    polyglot (0.3.3)
    quiet_assets (1.0.1)
      railties (~> 3.1)
    rack (1.4.5)
    rack-cache (1.2)
      rack (>= 0.4)
    rack-ssl (1.3.3)
      rack
    rack-test (0.6.2)
      rack (>= 1.0)
    rails (3.2.13)
      actionmailer (= 3.2.13)
      actionpack (= 3.2.13)
      activerecord (= 3.2.13)
      activeresource (= 3.2.13)
      activesupport (= 3.2.13)
      bundler (~> 1.0)
      railties (= 3.2.13)
    rails3-jquery-autocomplete (1.0.11)
      rails (~> 3.0)
    railties (3.2.13)
      actionpack (= 3.2.13)
      activesupport (= 3.2.13)
      rack-ssl (~> 1.3.2)
      rake (>= 0.8.7)
      rdoc (~> 3.4)
      thor (>= 0.14.6, < 2.0)
    rake (10.1.0)
    rdoc (3.12.2)
      json (~> 1.4)
    ref (1.0.5)
    sass (3.2.9)
    sass-rails (3.2.6)
      railties (~> 3.2.0)
      sass (>= 3.1.10)
      tilt (~> 1.3)
    sassy-buttons (0.1.4)
      compass (>= 0.12.2)
      sass (>= 3.2.0)
    sassy-math (1.2)
      compass (~> 0.11)
    slim (1.3.0)
      temple (~> 0.4.1)
      tilt (~> 1.3.3)
    slim-rails (1.0.3)
      actionpack (~> 3.0)
      activesupport (~> 3.0)
      railties (~> 3.0)
      slim (~> 1.0)
    sprockets (2.2.2)
      hike (~> 1.2)
      multi_json (~> 1.0)
      rack (~> 1.0)
      tilt (~> 1.1, != 1.3.0)
    temple (0.4.1)
    therubyracer (0.12.1)
      libv8 (~> 3.16.14.0)
      ref
    thin (1.5.0)
      daemons (>= 1.0.9)
      eventmachine (>= 0.12.6)
      rack (>= 1.0.0)
    thor (0.18.1)
    tilt (1.3.7)
    treetop (1.4.14)
      polyglot
      polyglot (>= 0.3.1)
    turbo-sprockets-rails3 (0.3.6)
      railties (> 3.2.8, < 4.0.0)
      sprockets (>= 2.0.0)
    tvdeyen-handles_sortable_columns (0.1.5)
    tzinfo (0.3.37)
    uglifier (1.3.0)
      execjs (>= 0.3.0)
      multi_json (~> 1.0, >= 1.0.2)
    warden (1.2.1)
      rack (>= 1.0)
    zurb-foundation (3.0.9)
      compass (>= 0.12.2)
      modular-scale (>= 1.0.2)
      rake
      sass (>= 3.2.0)

PLATFORMS
  ruby

DEPENDENCIES
  alchemy_cms!
  capistrano
  capistrano-maintenance
  coffee-rails (~> 3.2.1)
  compass-rails (~> 1.0.3)
  debugger
  mysql2
  newrelic_rpm
  quiet_assets
  rails (~> 3.2.13)
  sass-rails (~> 3.2.3)
  slim-rails
  therubyracer
  thin
  turbo-sprockets-rails3
  uglifier (>= 1.0.3)
  zurb-foundation (~> 3.0.9)
